GEM
  remote: https://rubygems.org/
  specs:
    curses (1.4.4)
    drawille (0.3.3)
      curses

PLATFORMS
  x86_64-linux

DEPENDENCIES
  drawille

BUNDLED WITH
   2.3.25
