GEM
  remote: https://rubygems.org/
  specs:
    chunky_png (1.4.0)
    curses (1.4.4)
    drawille (0.3.3)
      curses

PLATFORMS
  x86_64-linux

DEPENDENCIES
  chunky_png
  drawille

BUNDLED WITH
   2.3.25
